GEM
  remote: http://rubygems.org/
  specs:
    colorize (0.5.8)
    hike (1.2.1)
    jsmin (1.0.1)
    multi_json (1.3.7)
    rack (1.4.1)
    rake (10.0.0)
    rake-minify (0.3.3)
      jsmin (~> 1.0.1)
      rake (>= 0.8.7)
    sprockets (2.8.1)
      hike (~> 1.2)
      multi_json (~> 1.0)
      rack (~> 1.0)
      tilt (~> 1.1, != 1.3.0)
    tilt (1.3.3)

PLATFORMS
  ruby

DEPENDENCIES
  colorize
  rake
  rake-minify
  sprockets
